PATH
  remote: .
  specs:
    lambda_wrap (0.25.0)
      aws-sdk (~> 2)
      rubyzip (~> 1.2)

GEM
  remote: https://rubygems.org/
  specs:
    ast (2.3.0)
    aws-sdk (2.6.38)
      aws-sdk-resources (= 2.6.38)
    aws-sdk-core (2.6.38)
      aws-sigv4 (~> 1.0)
      jmespath (~> 1.0)
    aws-sdk-resources (2.6.38)
      aws-sdk-core (= 2.6.38)
    aws-sigv4 (1.0.0)
    jmespath (1.3.1)
    parser (2.3.1.2)
      ast (~> 2.2)
    powerpack (0.1.1)
    rainbow (2.1.0)
    rake (11.2.2)
    rubocop (0.40.0)
      parser (>= 2.3.1.0, < 3.0)
      powerpack (~> 0.1)
      rainbow (>= 1.99.1, < 3.0)
      ruby-progressbar (~> 1.7)
      unicode-display_width (~> 1.0, >= 1.0.1)
    ruby-progressbar (1.8.1)
    rubyzip (1.2.0)
    unicode-display_width (1.0.5)

PLATFORMS
  ruby
  x86-mingw32

DEPENDENCIES
  lambda_wrap!
  rake!
  rubocop!

BUNDLED WITH
   1.13.6
